GEM
  remote: https://rubygems.org/
  specs:
    activemodel (4.2.5.1)
      activesupport (= 4.2.5.1)
      builder (~> 3.1)
    activesupport (4.2.5.1)
      i18n (~> 0.7)
      json (~> 1.7, >= 1.7.7)
      minitest (~> 5.1)
      thread_safe (~> 0.3, >= 0.3.4)
      tzinfo (~> 1.1)
    bson (4.0.1)
    bson (4.0.1-java)
    builder (3.2.2)
    chronic (0.10.2)
    domain_name (0.5.25)
      unf (>= 0.0.5, < 1.0.0)
    god (0.13.7)
    http-cookie (1.0.2)
      domain_name (~> 0.5)
    i18n (0.7.0)
    json (1.8.3)
    json (1.8.3-java)
    logger (1.2.8)
    mechanize (2.7.3)
      domain_name (~> 0.5, >= 0.5.1)
      http-cookie (~> 1.0)
      mime-types (~> 2.0)
      net-http-digest_auth (~> 1.1, >= 1.1.1)
      net-http-persistent (~> 2.5, >= 2.5.2)
      nokogiri (~> 1.4)
      ntlm-http (~> 0.1, >= 0.1.1)
      webrobots (>= 0.0.9, < 0.2)
    mime-types (2.99)
    mini_portile2 (2.0.0)
    minitest (5.8.4)
    mongo (2.2.2)
      bson (~> 4.0)
    mongoid (5.1.0)
      activemodel (~> 4.0)
      mongo (~> 2.1)
      origin (~> 2.2)
      tzinfo (>= 0.3.37)
    net-http-digest_auth (1.4)
    net-http-persistent (2.9.4)
    net-ssh (3.0.2)
    net-ssh-gateway (1.2.0)
      net-ssh (>= 2.6.5)
    nokogiri (1.6.7.1)
      mini_portile2 (~> 2.0.0.rc2)
    nokogiri (1.6.7.1-java)
    nokogiri (1.6.7.1-x64-mingw32)
      mini_portile2 (~> 2.0.0.rc2)
    ntlm-http (0.1.1)
    origin (2.2.0)
    rack (1.6.4)
    rack-protection (1.5.3)
      rack
    sinatra (1.4.6)
      rack (~> 1.4)
      rack-protection (~> 1.4)
      tilt (>= 1.3, < 3)
    thread_safe (0.3.5)
    thread_safe (0.3.5-java)
    tilt (2.0.1)
    tzinfo (1.2.2)
      thread_safe (~> 0.1)
    unf (0.1.4)
      unf_ext
    unf (0.1.4-java)
    unf_ext (0.0.7.1)
    unf_ext (0.0.7.1-x64-mingw32)
    webrobots (0.1.1)
    whenever (0.9.4)
      chronic (>= 0.6.3)
    yahoo-finance (1.0.0)

PLATFORMS
  java
  ruby
  x64-mingw32

DEPENDENCIES
  god
  json
  logger
  mechanize
  mongo
  mongoid
  net-ssh-gateway
  nokogiri
  sinatra
  whenever
  yahoo-finance

BUNDLED WITH
   1.11.2
